GEM
  remote: https://rubygems.org/
  specs:
    ast (2.4.0)
    execjs (2.7.0)
    hike (1.2.3)
    mustermann (1.0.3)
    opal (0.11.1)
      ast (>= 2.3.0)
      hike (~> 1.2)
      parser (= 2.3.3.1)
      sourcemap (~> 0.1.0)
    parser (2.3.3.1)
      ast (~> 2.2)
    puma (3.12.0)
    rack (2.0.5)
    rack-protection (2.0.3)
      rack
    shotgun (0.9.2)
      rack (>= 1.0)
    sinatra (2.0.3)
      mustermann (~> 1.0)
      rack (~> 2.0)
      rack-protection (= 2.0.3)
      tilt (~> 2.0)
    sourcemap (0.1.1)
    tilt (2.0.8)
    xspec (0.2.0)

PLATFORMS
  ruby

DEPENDENCIES
  execjs
  opal
  puma
  rack
  shotgun
  sinatra
  xspec

RUBY VERSION
   ruby 2.5.1p57

BUNDLED WITH
   1.16.2
