GEM
  remote: https://rubygems.org/
  specs:
    execjs (2.3.0)
    hike (1.2.3)
    multi_json (1.11.1)
    opal (0.7.2)
      hike (~> 1.2)
      sourcemap (~> 0.1.0)
      sprockets (>= 2.2.3, < 3.0.0)
      tilt (~> 1.4)
    rack (1.6.0)
    rack-protection (1.5.3)
      rack
    shotgun (0.9)
      rack (>= 1.0)
    sinatra (1.4.5)
      rack (~> 1.4)
      rack-protection (~> 1.4)
      tilt (~> 1.3, >= 1.3.4)
    sourcemap (0.1.1)
    sprockets (2.12.3)
      hike (~> 1.2)
      multi_json (~> 1.0)
      rack (~> 1.0)
      tilt (~> 1.1, != 1.3.0)
    tilt (1.4.1)
    xspec (0.2.0)

PLATFORMS
  ruby

DEPENDENCIES
  execjs
  opal
  rack
  shotgun
  sinatra
  xspec
